GEM
  remote: https://rubygems.org/
  specs:
    prism (1.2.0)

PLATFORMS
  ruby
  x86_64-linux

DEPENDENCIES
  prism (~> 1.2)

BUNDLED WITH
   2.5.16
