GIT
  remote: https://github.com/riseshia/webrick.git
  revision: 1d156e3a0bf14a0d3781c3128663555bf95267c3
  branch: try-ractor
  specs:
    webrick (1.8.1)

GEM
  remote: https://rubygems.org/
  specs:
    rack (3.0.8)
    rackup (2.1.0)
      rack (>= 3)
      webrick (~> 1.8)

PLATFORMS
  ruby
  x86_64-linux

DEPENDENCIES
  rack
  rackup
  webrick!

BUNDLED WITH
   2.6.0.dev
