GEM
  remote: https://rubygems.org/
  specs:
    docile (1.4.0)
    multi_json (1.15.0)
    mustermann (3.0.0)
      ruby2_keywords (~> 0.0.1)
    nio4r (2.5.9)
    puma (6.4.0)
      nio4r (~> 2.0)
    rack (2.2.8)
    rack-protection (3.1.0)
      rack (~> 2.2, >= 2.2.4)
    ruby2_keywords (0.0.5)
    simplecov (0.22.0)
      docile (~> 1.1)
      simplecov-html (~> 0.11)
      simplecov_json_formatter (~> 0.1)
    simplecov-html (0.12.3)
    simplecov_json_formatter (0.1.4)
    sinatra (3.1.0)
      mustermann (~> 3.0)
      rack (~> 2.2, >= 2.2.4)
      rack-protection (= 3.1.0)
      tilt (~> 2.0)
    sinatra-contrib (3.1.0)
      multi_json
      mustermann (~> 3.0)
      rack-protection (= 3.1.0)
      sinatra (= 3.1.0)
      tilt (~> 2.0)
    tilt (2.3.0)

PLATFORMS
  arm64-darwin-22

DEPENDENCIES
  puma
  simplecov
  sinatra
  sinatra-contrib

BUNDLED WITH
   2.4.10
