GEM
  remote: https://rubygems.org/
  specs:
    faraday (2.12.0)
      faraday-net_http (>= 2.0, < 3.4)
      json
      logger
    faraday-net_http (3.3.0)
      net-http
    json (2.8.1)
    logger (1.6.1)
    net-http (0.5.0)
      uri
    uri (1.0.1)

PLATFORMS
  ruby
  x86_64-linux

DEPENDENCIES
  faraday (~> 2.12)
  json (~> 2.8)

BUNDLED WITH
   2.5.16
