GEM
  remote: https://rubygems.org/
  specs:
    prism (0.27.0)

PLATFORMS
  ruby
  x86_64-linux

DEPENDENCIES
  prism (~> 0.27.0)

BUNDLED WITH
   2.6.0.dev
