GEM
  remote: https://rubygems.org/
  specs:
    prism (1.4.0)

PLATFORMS
  ruby
  x86_64-linux

DEPENDENCIES
  prism

BUNDLED WITH
   2.6.2
